GEM
  remote: https://rubygems.org/
  specs:
    builder (3.2.3)
    gyoku (1.3.1)
      builder (>= 2.1.2)
    mustermann (2.0.2)
      ruby2_keywords (~> 0.0.1)
    rack (2.2.4)
    rack-protection (2.2.3)
      rack
    ruby2_keywords (0.0.5)
    sinatra (2.2.3)
      mustermann (~> 2.0)
      rack (~> 2.2)
      rack-protection (= 2.2.3)
      tilt (~> 2.0)
    tilt (2.0.11)

PLATFORMS
  ruby

DEPENDENCIES
  gyoku
  sinatra

BUNDLED WITH
   2.0.2
